GEM
  remote: https://rubygems.org/
  specs:
    table_display (2.2.0)

PLATFORMS
  x86_64-linux

DEPENDENCIES
  table_display (~> 2.1)

BUNDLED WITH
   2.4.10
